GEM
  remote: https://rubygems.org/
  specs:
    autoversion (0.5.2)
      git (= 1.2.5)
      semantic (= 1.1.0)
      thor (= 0.17.0)
    git (1.2.5)
    semantic (1.1.0)
    thor (0.17.0)

PLATFORMS
  ruby
  x64-mingw32

DEPENDENCIES
  autoversion (~> 0.5.2)

BUNDLED WITH
   1.13.7
