GEM
  remote: https://rubygems.org/
  specs:
    actionmailer (4.1.16)
      actionpack (= 4.1.16)
      actionview (= 4.1.16)
      mail (~> 2.5, >= 2.5.4)
    actionpack (4.1.16)
      actionview (= 4.1.16)
      activesupport (= 4.1.16)
      rack (~> 1.5.2)
      rack-test (~> 0.6.2)
    actionview (4.1.16)
      activesupport (= 4.1.16)
      builder (~> 3.1)
      erubis (~> 2.7.0)
    activemodel (4.1.16)
      activesupport (= 4.1.16)
      builder (~> 3.1)
    activerecord (4.1.16)
      activemodel (= 4.1.16)
      activesupport (= 4.1.16)
      arel (~> 5.0.0)
    activesupport (4.1.16)
      i18n (~> 0.6, >= 0.6.9)
      json (~> 1.7, >= 1.7.7)
      minitest (~> 5.1)
      thread_safe (~> 0.1)
      tzinfo (~> 1.1)
    arel (5.0.1.20140414130214)
    aws-sdk (1.42.0)
      json (~> 1.4)
      nokogiri (>= 1.4.4)
    bcrypt (3.1.11)
    bootstrap-sass (2.3.2.2)
      sass (~> 3.2)
    bootstrap-switch-rails (2.0.2)
    bootstrap-will_paginate (0.0.11)
      will_paginate
    browser-timezone-rails (0.0.8)
      jquery-rails
      rails (>= 3.1)
    builder (3.2.3)
    byebug (10.0.0)
    capybara (2.3.0)
      mime-types (>= 1.16)
      nokogiri (>= 1.3.3)
      rack (>= 1.0.0)
      rack-test (>= 0.5.4)
      xpath (~> 2.0)
    childprocess (0.5.9)
      ffi (~> 1.0, >= 1.0.11)
    chronic_duration (0.10.6)
      numerizer (~> 0.1.1)
    classy_enum (3.4.0)
      activerecord (>= 3.0)
    cliver (0.3.2)
    coderay (1.1.2)
    coffee-rails (4.0.1)
      coffee-script (>= 2.2.0)
      railties (>= 4.0.0, < 5.0)
    coffee-script (2.4.1)
      coffee-script-source
      execjs
    coffee-script-source (1.12.2)
    cucumber (1.3.20)
      builder (>= 2.1.2)
      diff-lcs (>= 1.1.3)
      gherkin (~> 2.12)
      multi_json (>= 1.7.5, < 2.0)
      multi_test (>= 0.1.2)
    cucumber-rails (1.4.5)
      capybara (>= 1.1.2, < 3)
      cucumber (>= 1.3.8, < 4)
      mime-types (>= 1.16, < 4)
      nokogiri (~> 1.5)
      railties (>= 3, < 5.1)
    database_cleaner (1.3.0)
    deep_cloneable (2.0.2)
      activerecord (>= 3.1.0, < 5.0.0)
    diff-lcs (1.3)
    erubis (2.7.0)
    execjs (2.7.0)
    factory_girl (4.4.0)
      activesupport (>= 3.0.0)
    factory_girl_rails (4.4.1)
      factory_girl (~> 4.4.0)
      railties (>= 3.0.0)
    ffi (1.9.18)
    figaro (1.1.1)
      thor (~> 0.14)
    font-awesome-rails (4.2.0.0)
      railties (>= 3.2, < 5.0)
    gherkin (2.12.2)
      multi_json (~> 1.3)
    hike (1.2.3)
    i18n (0.8.6)
    interception (0.5)
    jbuilder (2.0.8)
      activesupport (>= 3.0.0, < 5)
      multi_json (~> 1.2)
    jquery-countdown-rails (2.0.2)
    jquery-rails (3.1.4)
      railties (>= 3.0, < 5.0)
      thor (>= 0.14, < 2.0)
    jquery-ui-rails (4.0.5)
      railties (>= 3.1.0)
    json (1.8.6)
    libnotify (0.8.4)
      ffi (>= 1.0.11)
    mail (2.6.6)
      mime-types (>= 1.16, < 4)
    method_source (0.9.0)
    mime-types (3.1)
      mime-types-data (~> 3.2015)
    mime-types-data (3.2016.0521)
    mini_portile2 (2.2.0)
    minitest (5.10.2)
    mono_logger (1.1.0)
    multi_json (1.12.1)
    multi_test (0.1.2)
    nokogiri (1.8.0)
      mini_portile2 (~> 2.2.0)
    numerizer (0.1.1)
    paloma (2.0.6)
      jquery-rails
    paranoia (2.3.1)
      activerecord (>= 4.0, < 5.2)
    passenger (5.0.30)
      rack
      rake (>= 0.8.1)
    pg (0.17.1)
    poltergeist (1.5.1)
      capybara (~> 2.1)
      cliver (~> 0.3.1)
      multi_json (~> 1.0)
      websocket-driver (>= 0.2.0)
    pry (0.11.3)
      coderay (~> 1.1.0)
      method_source (~> 0.9.0)
    pry-byebug (3.6.0)
      byebug (~> 10.0)
      pry (~> 0.10)
    pry-rails (0.3.6)
      pry (>= 0.10.4)
    pry-rescue (1.4.5)
      interception (>= 0.5)
      pry
    rack (1.5.5)
    rack-protection (1.5.3)
      rack
    rack-test (0.6.3)
      rack (>= 1.0)
    rails (4.1.16)
      actionmailer (= 4.1.16)
      actionpack (= 4.1.16)
      actionview (= 4.1.16)
      activemodel (= 4.1.16)
      activerecord (= 4.1.16)
      activesupport (= 4.1.16)
      bundler (>= 1.3.0, < 2.0)
      railties (= 4.1.16)
      sprockets-rails (~> 2.0)
    railties (4.1.16)
      actionpack (= 4.1.16)
      activesupport (= 4.1.16)
      rake (>= 0.8.7)
      thor (>= 0.18.1, < 2.0)
    rake (0.9)
    rdoc (4.3.0)
    recursive-open-struct (0.6.5)
    redis (3.3.3)
    redis-namespace (1.5.3)
      redis (~> 3.0, >= 3.0.4)
    redis-session-store (0.8.1)
      actionpack (>= 3, < 5.1)
      redis
    resque (1.25.2)
      mono_logger (~> 1.0)
      multi_json (~> 1.0)
      redis-namespace (~> 1.3)
      sinatra (>= 0.9.2)
      vegas (~> 0.1.2)
    resque-status (0.4.3)
      resque (~> 1.19)
    rspec-core (3.1.7)
      rspec-support (~> 3.1.0)
    rspec-expectations (3.1.2)
      diff-lcs (>= 1.2.0, < 2.0)
      rspec-support (~> 3.1.0)
    rspec-mocks (3.1.3)
      rspec-support (~> 3.1.0)
    rspec-rails (3.1.0)
      actionpack (>= 3.0)
      activesupport (>= 3.0)
      railties (>= 3.0)
      rspec-core (~> 3.1.0)
      rspec-expectations (~> 3.1.0)
      rspec-mocks (~> 3.1.0)
      rspec-support (~> 3.1.0)
    rspec-support (3.1.2)
    sass (3.2.19)
    sass-rails (4.0.5)
      railties (>= 4.0.0, < 5.0)
      sass (~> 3.2.2)
      sprockets (~> 2.8, < 3.0)
      sprockets-rails (~> 2.0)
    schema_plus (1.5.3)
      activerecord (>= 3.2)
      valuable
    sdoc (0.4.2)
      json (~> 1.7, >= 1.7.7)
      rdoc (~> 4.0)
    shoulda-matchers (2.7.0)
      activesupport (>= 3.0.0)
    sinatra (1.4.8)
      rack (~> 1.5)
      rack-protection (~> 1.4)
      tilt (>= 1.3, < 3)
    slim (2.1.0)
      temple (~> 0.6.9)
      tilt (>= 1.3.3, < 2.1)
    slim-rails (2.1.5)
      actionpack (>= 3.0, < 4.2)
      activesupport (>= 3.0, < 4.2)
      railties (>= 3.0, < 4.2)
      slim (~> 2.0)
    sprockets (2.12.4)
      hike (~> 1.2)
      multi_json (~> 1.0)
      rack (~> 1.0)
      tilt (~> 1.1, != 1.3.0)
    sprockets-rails (2.3.3)
      actionpack (>= 3.0)
      activesupport (>= 3.0)
      sprockets (>= 2.8, < 4.0)
    sqlite3 (1.3.13)
    temping (3.2.0)
      activerecord (>= 3.1)
      activesupport (>= 3.1)
      sqlite3 (~> 1.3.7)
    temple (0.6.10)
    thor (0.19.4)
    thread_safe (0.3.6)
    tilt (1.4.1)
    titleize (1.3.0)
    turbolinks (2.2.3)
      coffee-rails
    tzinfo (1.2.3)
      thread_safe (~> 0.1)
    uglifier (2.5.3)
      execjs (>= 0.3.0)
      json (>= 1.8.0)
    valuable (0.9.13)
    vegas (0.1.11)
      rack (>= 1.0.0)
    websocket-driver (0.6.5)
      websocket-extensions (>= 0.1.0)
    websocket-extensions (0.1.2)
    will_paginate (3.0.12)
    xpath (2.1.0)
      nokogiri (~> 1.3)
    yell (2.0.7)

PLATFORMS
  ruby

DEPENDENCIES
  aws-sdk (~> 1.42.0)
  bcrypt (~> 3.1.5)
  bootstrap-sass (~> 2.3.2.2)
  bootstrap-switch-rails (~> 2.0.2)
  bootstrap-will_paginate (~> 0.0.10)
  browser-timezone-rails (~> 0.0.8)
  capybara (~> 2.3.0)
  childprocess (~> 0.5.3)
  chronic_duration (~> 0.10.4)
  classy_enum (~> 3.4.0)
  coffee-rails (~> 4.0.1)
  cucumber (~> 1.3.15)
  cucumber-rails (~> 1.4.1)
  database_cleaner (~> 1.3.0)
  deep_cloneable (~> 2.0.0)
  factory_girl_rails (~> 4.4.1)
  figaro
  font-awesome-rails (= 4.2.0.0)
  jbuilder (~> 2.0.7)
  jquery-countdown-rails (~> 2.0.0)
  jquery-rails (~> 3.1.0)
  jquery-ui-rails (~> 4.0.4)
  libnotify (~> 0.8.3)
  paloma (~> 2.0.6)
  paranoia (~> 2.0)
  passenger (~> 5.0.6)
  pg (~> 0.17.1)
  poltergeist (~> 1.5.1)
  pry-byebug
  pry-rails
  pry-rescue
  rails (~> 4.1.10)
  recursive-open-struct (~> 0.6.3)
  redis-session-store (~> 0.8.0)
  resque (~> 1.25.2)
  resque-status (~> 0.4.3)
  rspec-rails (~> 3.1.0)
  sass-rails (~> 4.0.3)
  schema_plus (~> 1.5.3)
  sdoc (~> 0.4.0)
  shoulda-matchers (~> 2.7.0)
  slim-rails (~> 2.1.4)
  temping (~> 3.2.0)
  titleize (~> 1.3.0)
  turbolinks (~> 2.2.2)
  uglifier (~> 2.5.0)
  will_paginate (~> 3.0.5)
  yell (~> 2.0.5)

RUBY VERSION
   ruby 2.2.1p85

BUNDLED WITH
   1.16.1
