GIT
  remote: git@github.com:Runaway-Bit/rb-gems.git
  revision: 8f7f7be1789554ca0c38b5f5799e570d6d9f6de5
  branch: rb-hasher-develop
  specs:
    rb-hasher (0.0.1)
      murmurhash3 (~> 0.1.4)

GEM
  remote: https://rubygems.org/
  specs:
    activesupport (4.0.13)
      i18n (~> 0.6, >= 0.6.9)
      minitest (~> 4.2)
      multi_json (~> 1.3)
      thread_safe (~> 0.1)
      tzinfo (~> 0.3.37)
    aws-sdk (1.59.1)
      aws-sdk-v1 (= 1.59.1)
    aws-sdk-v1 (1.59.1)
      json (~> 1.4)
      nokogiri (>= 1.4.4)
    diff-lcs (1.2.5)
    fakefs (0.6.7)
    i18n (0.7.0)
    json (1.8.2)
    mini_portile (0.6.2)
    minitest (4.7.5)
    mock_redis (0.14.0)
    mono_logger (1.1.0)
    multi_json (1.11.1)
    murmurhash3 (0.1.6)
    nokogiri (1.6.6.2)
      mini_portile (~> 0.6.0)
    pg (0.17.1)
    rack (1.6.4)
    rack-protection (1.5.3)
      rack
    redis (3.2.1)
    redis-namespace (1.5.2)
      redis (~> 3.0, >= 3.0.4)
    resque (1.24.1)
      mono_logger (~> 1.0)
      multi_json (~> 1.0)
      redis-namespace (~> 1.2)
      sinatra (>= 0.9.2)
      vegas (~> 0.1.2)
    resque-status (0.4.3)
      resque (~> 1.19)
    rspec (3.2.0)
      rspec-core (~> 3.2.0)
      rspec-expectations (~> 3.2.0)
      rspec-mocks (~> 3.2.0)
    rspec-core (3.2.3)
      rspec-support (~> 3.2.0)
    rspec-expectations (3.2.1)
      diff-lcs (>= 1.2.0, < 2.0)
      rspec-support (~> 3.2.0)
    rspec-mocks (3.2.1)
      diff-lcs (>= 1.2.0, < 2.0)
      rspec-support (~> 3.2.0)
    rspec-support (3.2.2)
    sequel (4.13.0)
    sinatra (1.4.6)
      rack (~> 1.4)
      rack-protection (~> 1.4)
      tilt (>= 1.3, < 3)
    thread_safe (0.3.5)
    tilt (2.0.1)
    tzinfo (0.3.44)
    vegas (0.1.11)
      rack (>= 1.0.0)
    yard (0.8.7.6)
    yell (2.0.5)

PLATFORMS
  ruby

DEPENDENCIES
  activesupport (~> 4.0.3)
  aws-sdk (~> 1.59.1)
  fakefs (~> 0.6.7)
  mock_redis (~> 0.14.0)
  pg (~> 0.17.1)
  rb-hasher!
  resque (= 1.24.1)
  resque-status (~> 0.4.3)
  rspec (~> 3.2.0)
  sequel (~> 4.13.0)
  yard (~> 0.8.7.6)
  yell (~> 2.0.5)
